GEM
  remote: https://rubygems.org/
  specs:
    chunky_png (1.3.11)
    concurrent-ruby (1.1.5)
    deep_merge (1.2.1)
    ffi (1.11.1)
    narray (0.6.1.2)
    narray_ffi (1.4.4)
      ffi (~> 1.9, >= 1.9.3)
      narray (~> 0.6, >= 0.6.0.8)
    oily_png (1.2.1)
      chunky_png (~> 1.3.7)
    opencl_ruby_ffi (1.3.4)
      ffi (~> 1.9, >= 1.9.3)
      narray (~> 0.6, >= 0.6.0.8)
      narray_ffi (~> 1.0, >= 1.0.0)
    tensor_stream (1.0.7)
      chunky_png
      concurrent-ruby
      deep_merge
    tensor_stream-opencl (0.3.1)
      oily_png
      opencl_ruby_ffi
      tensor_stream (= 1.0.7)

PLATFORMS
  ruby

DEPENDENCIES
  tensor_stream-opencl

RUBY VERSION
   ruby 2.6.3p62

BUNDLED WITH
   1.17.3
