PATH
  remote: ../tensor_stream-opencl
  specs:
    tensor_stream-opencl (0.3.2)
      jpeg
      oily_png
      opencl_ruby_ffi
      tensor_stream (= 1.0.8)

GEM
  remote: https://rubygems.org/
  specs:
    backports (3.15.0)
    byebug (11.0.1)
    chunky_png (1.3.11)
    coderay (1.1.2)
    concurrent-ruby (1.1.5)
    deep_merge (1.2.1)
    ffi (1.11.1)
    interception (0.5)
    jpeg (0.7.1)
    method_source (0.9.2)
    narray (0.6.1.2)
    narray_ffi (1.4.4)
      ffi (~> 1.9, >= 1.9.3)
      narray (~> 0.6, >= 0.6.0.8)
    nmatrix (0.2.4)
      packable (~> 1.3, >= 1.3.5)
    oily_png (1.2.1)
      chunky_png (~> 1.3.7)
    opencl_ruby_ffi (1.3.4)
      ffi (~> 1.9, >= 1.9.3)
      narray (~> 0.6, >= 0.6.0.8)
      narray_ffi (~> 1.0, >= 1.0.0)
    packable (1.3.10)
      backports
    pry (0.12.2)
      coderay (~> 1.1.0)
      method_source (~> 0.9.0)
    pry-byebug (3.7.0)
      byebug (~> 11.0)
      pry (~> 0.10)
    pry-rescue (1.5.0)
      interception (>= 0.5)
      pry (>= 0.12.0)
    tensor_stream (1.0.8)
      chunky_png
      concurrent-ruby
      deep_merge
      jpeg

PLATFORMS
  ruby

DEPENDENCIES
  nmatrix
  pry-byebug
  pry-rescue
  tensor_stream-opencl!

BUNDLED WITH
   1.17.3
